PATH
  remote: .
  specs:
    sample (1.0)

GEM
  remote: https://rubygems.org/
  specs:
    colorize (0.8.1)
    rack (2.2.6.2)

PLATFORMS
  ruby

DEPENDENCIES
  colorize (= 0.8.1)
  rack (= 2.2.6.2)
  sample!

BUNDLED WITH
   2.1.4
